{
    "TaskName": "movie",
    "Manufacturer": "CTF",
    "PowerLineFrequency": 50,
    "SamplingFrequency": 600.0,
    "SoftwareFilters": "n/a",
    "RecordingDuration": 199.99833333333333,
    "RecordingType": "continuous",
    "DewarPosition": "n/a",
    "DigitizedLandmarks": false,
    "DigitizedHeadPoints": false,
    "MEGChannelCount": 272,
    "MEGREFChannelCount": 29,
    "EEGChannelCount": 0,
    "EOGChannelCount": 0,
    "ECGChannelCount": 0,
    "EMGChannelCount": 0,
    "MiscChannelCount": 108,
    "TriggerChannelCount": 0
}
