{
	"Modality": "MR",
	"MagneticFieldStrength": 3,
	"Manufacturer": "Siemens",
	"ManufacturersModelName": "Prisma_fit",
	"InstitutionName": "Beijing_MRI_Center_for_Brain_Research",
	"InstitutionalDepartmentName": "Department",
	"InstitutionAddress": "Datun_road_15_Beijing_Chaoyang_CN_100101",
	"DeviceSerialNumber": "67028",
	"StationName": "MRC20517",
	"BodyPartExamined": "HEAD",
	"PatientPosition": "HFS",
	"ProcedureStepDescription": "head_fMRI",
	"SoftwareVersions": "syngo_MR_E11",
	"MRAcquisitionType": "3D",
	"SeriesDescription": "t1_mprage_1.0iso",
	"ProtocolName": "t1_mprage_1.0iso",
	"ScanningSequence": "GR_IR",
	"SequenceVariant": "SK_SP_MP",
	"ScanOptions": "IR",
	"SequenceName": "_tfl3d1_16ns",
	"ImageType": ["ORIGINAL", "PRIMARY", "M", "ND"],
	"SeriesNumber": 3,
	"AcquisitionTime": "12:40:51.495000",
	"AcquisitionNumber": 1,
	"SliceThickness": 1,
	"SAR": 0.0429193,
	"EchoTime": 0.00126,
	"RepetitionTime": 2.53,
	"InversionTime": 1.1,
	"FlipAngle": 7,
	"PartialFourier": 1,
	"BaseResolution": 256,
	"ShimSetting": [
		2993,
		-11581,
		572,
		97,
		-50,
		-323,
		-76,
		-21	],
	"TxRefAmp": 249.01,
	"PhaseResolution": 1,
	"ReceiveCoilName": "HeadNeck_20",
	"ReceiveCoilActiveElements": "HE1-4;NE1,2",
	"PulseSequenceDetails": "%SiemensSeq%_tfl",
	"ConsistencyInfo": "N4_VE11C_LATEST_20160120",
	"PercentPhaseFOV": 100,
	"PhaseEncodingSteps": 255,
	"AcquisitionMatrixPE": 256,
	"ReconMatrixPE": 256,
	"ParallelReductionFactorInPlane": 2,
	"PixelBandwidth": 650,
	"DwellTime": 3e-06,
	"ImageOrientationPatientDICOM": [
		0,
		1,
		0,
		0.00349062,
		0,
		-0.999994	],
	"InPlanePhaseEncodingDirectionDICOM": "ROW",
	"ConversionSoftware": "dcm2niix",
	"ConversionSoftwareVersion": "v1.0.20180622 GCC4.9.2"
}
